GEM
  remote: https://rubygems.org/
  specs:
    activesupport (3.2.14)
      i18n (~> 0.6, >= 0.6.4)
      multi_json (~> 1.0)
    addressable (2.3.5)
    bcrypt-ruby (3.1.2)
    data_objects (0.10.13)
      addressable (~> 2.1)
    dm-aggregates (1.2.0)
      dm-core (~> 1.2.0)
    dm-constraints (1.2.0)
      dm-core (~> 1.2.0)
    dm-core (1.2.1)
      addressable (~> 2.3)
    dm-do-adapter (1.2.0)
      data_objects (~> 0.10.6)
      dm-core (~> 1.2.0)
    dm-migrations (1.2.0)
      dm-core (~> 1.2.0)
    dm-serializer (1.2.2)
      dm-core (~> 1.2.0)
      fastercsv (~> 1.5)
      json (~> 1.6)
      json_pure (~> 1.6)
      multi_json (~> 1.0)
    dm-sqlite-adapter (1.2.0)
      dm-do-adapter (~> 1.2.0)
      do_sqlite3 (~> 0.10.6)
    dm-timestamps (1.2.0)
      dm-core (~> 1.2.0)
    dm-transactions (1.2.0)
      dm-core (~> 1.2.0)
    dm-types (1.2.2)
      bcrypt-ruby (~> 3.0)
      dm-core (~> 1.2.0)
      fastercsv (~> 1.5)
      json (~> 1.6)
      multi_json (~> 1.0)
      stringex (~> 1.4)
      uuidtools (~> 2.1)
    dm-validations (1.2.0)
      dm-core (~> 1.2.0)
    do_sqlite3 (0.10.13)
      data_objects (= 0.10.13)
    erubis (2.7.0)
    fastercsv (1.5.5)
    god (0.13.3)
    http_router (0.11.0)
      rack (>= 1.0.0)
      url_mount (~> 0.2.1)
    httparty (0.11.0)
      multi_json (~> 1.0)
      multi_xml (>= 0.5.2)
    i18n (0.6.5)
    json (1.8.0)
    json_pure (1.8.0)
    mail (2.5.4)
      mime-types (~> 1.16)
      treetop (~> 1.4.8)
    mime-types (1.25)
    mono_logger (1.1.0)
    multi_json (1.8.1)
    multi_xml (0.5.5)
    padrino (0.11.3)
      padrino-admin (= 0.11.3)
      padrino-cache (= 0.11.3)
      padrino-core (= 0.11.3)
      padrino-gen (= 0.11.3)
      padrino-helpers (= 0.11.3)
      padrino-mailer (= 0.11.3)
    padrino-admin (0.11.3)
      padrino-core (= 0.11.3)
      padrino-helpers (= 0.11.3)
    padrino-cache (0.11.3)
      padrino-core (= 0.11.3)
      padrino-helpers (= 0.11.3)
    padrino-core (0.11.3)
      activesupport (>= 3.1, < 4.0)
      http_router (~> 0.11.0)
      rack-protection (>= 1.5.0)
      sinatra (~> 1.4.2)
      thor (~> 0.17.0)
      tilt (~> 1.3.7)
    padrino-gen (0.11.3)
      bundler (~> 1.0)
      padrino-core (= 0.11.3)
    padrino-helpers (0.11.3)
      i18n (~> 0.6)
      padrino-core (= 0.11.3)
    padrino-mailer (0.11.3)
      mail (~> 2.5.3)
      padrino-core (= 0.11.3)
    polyglot (0.3.3)
    pushmeup (0.1.2)
      httparty
      json
    rack (1.5.2)
    rack-protection (1.5.0)
      rack
    rake (10.1.0)
    redis (3.0.4)
    redis-namespace (1.3.1)
      redis (~> 3.0.0)
    resque (1.24.1)
      mono_logger (~> 1.0)
      multi_json (~> 1.0)
      redis-namespace (~> 1.2)
      sinatra (>= 0.9.2)
      vegas (~> 0.1.2)
    resque-scheduler (2.1.0)
      redis (>= 2.0.1)
      resque (>= 1.20.0, < 1.25)
      rufus-scheduler
    rufus-scheduler (2.0.24)
      tzinfo (>= 0.3.22)
    sinatra (1.4.3)
      rack (~> 1.4)
      rack-protection (~> 1.4)
      tilt (~> 1.3, >= 1.3.4)
    stringex (1.5.1)
    thor (0.17.0)
    tilt (1.3.7)
    treetop (1.4.15)
      polyglot
      polyglot (>= 0.3.1)
    tzinfo (1.0.1)
    url_mount (0.2.1)
      rack
    uuidtools (2.1.4)
    vegas (0.1.11)
      rack (>= 1.0.0)

PLATFORMS
  ruby

DEPENDENCIES
  dm-aggregates
  dm-constraints
  dm-core
  dm-migrations
  dm-serializer
  dm-sqlite-adapter
  dm-timestamps
  dm-transactions
  dm-types
  dm-validations
  erubis (~> 2.7.0)
  god
  padrino (= 0.11.3)
  pushmeup
  rake
  resque
  resque-scheduler
